PATH
  remote: .
  specs:
    manana (1.0.0)

GEM
  remote: https://rubygems.org/
  specs:
    coderay (1.1.2)
    docile (1.3.0)
    json (2.1.0)
    method_source (0.9.0)
    minitest (5.11.3)
    pry (0.11.3)
      coderay (~> 1.1.0)
      method_source (~> 0.9.0)
    rake (10.5.0)
    simplecov (0.16.1)
      docile (~> 1.1)
      json (>= 1.8, < 3)
      simplecov-html (~> 0.10.0)
    simplecov-html (0.10.2)

PLATFORMS
  ruby

DEPENDENCIES
  bundler (~> 1.16)
  manana!
  minitest (~> 5.0)
  pry
  rake (~> 10.0)
  simplecov (~> 0.16.1)

BUNDLED WITH
   1.16.1
